GIT
  remote: git://github.com/opal/opal.git
  revision: 18fe9d88972aa536d0693d92547ad9f91de6b36d
  specs:
    opal (1.0.0)
      ast (>= 2.3.0)
      parser (~> 2.6)

GEM
  remote: https://rubygems.org/
  specs:
    ast (2.4.0)
    parser (2.6.5.0)
      ast (~> 2.4.0)

PLATFORMS
  ruby

DEPENDENCIES
  opal!

BUNDLED WITH
   1.17.2
